GEM
  remote: https://rubygems.org/
  specs:
    actioncable (7.0.5)
      actionpack (= 7.0.5)
      activesupport (= 7.0.5)
      nio4r (~> 2.0)
      websocket-driver (>= 0.6.1)
    actionmailbox (7.0.5)
      actionpack (= 7.0.5)
      activejob (= 7.0.5)
      activerecord (= 7.0.5)
      activestorage (= 7.0.5)
      activesupport (= 7.0.5)
      mail (>= 2.7.1)
      net-imap
      net-pop
      net-smtp
    actionmailer (7.0.5)
      actionpack (= 7.0.5)
      actionview (= 7.0.5)
      activejob (= 7.0.5)
      activesupport (= 7.0.5)
      mail (~> 2.5, >= 2.5.4)
      net-imap
      net-pop
      net-smtp
      rails-dom-testing (~> 2.0)
    actionpack (7.0.5)
      actionview (= 7.0.5)
      activesupport (= 7.0.5)
      rack (~> 2.0, >= 2.2.4)
      rack-test (>= 0.6.3)
      rails-dom-testing (~> 2.0)
      rails-html-sanitizer (~> 1.0, >= 1.2.0)
    actiontext (7.0.5)
      actionpack (= 7.0.5)
      activerecord (= 7.0.5)
      activestorage (= 7.0.5)
      activesupport (= 7.0.5)
      globalid (>= 0.6.0)
      nokogiri (>= 1.8.5)
    actionview (7.0.5)
      activesupport (= 7.0.5)
      builder (~> 3.1)
      erubi (~> 1.4)
      rails-dom-testing (~> 2.0)
      rails-html-sanitizer (~> 1.1, >= 1.2.0)
    activejob (7.0.5)
      activesupport (= 7.0.5)
      globalid (>= 0.3.6)
    activemodel (7.0.5)
      activesupport (= 7.0.5)
    activerecord (7.0.5)
      activemodel (= 7.0.5)
      activesupport (= 7.0.5)
    activerecord-session_store (2.0.0)
      actionpack (>= 5.2.4.1)
      activerecord (>= 5.2.4.1)
      multi_json (~> 1.11, >= 1.11.2)
      rack (>= 2.0.8, < 3)
      railties (>= 5.2.4.1)
    activestorage (7.0.5)
      actionpack (= 7.0.5)
      activejob (= 7.0.5)
      activerecord (= 7.0.5)
      activesupport (= 7.0.5)
      marcel (~> 1.0)
      mini_mime (>= 1.1.0)
    activesupport (7.0.5)
      concurrent-ruby (~> 1.0, >= 1.0.2)
      i18n (>= 1.6, < 2)
      minitest (>= 5.1)
      tzinfo (~> 2.0)
    addressable (2.8.4)
      public_suffix (>= 2.0.2, < 6.0)
    annotaterb (4.3.0)
    ast (2.4.2)
    better_html (2.0.1)
      actionview (>= 6.0)
      activesupport (>= 6.0)
      ast (~> 2.0)
      erubi (~> 1.4)
      parser (>= 2.4)
      smart_properties
    bindex (0.8.1)
    bootsnap (1.16.0)
      msgpack (~> 1.2)
    brakeman (6.0.0)
    builder (3.2.4)
    bundler-audit (0.9.1)
      bundler (>= 1.2.0, < 3)
      thor (~> 1.0)
    capybara (3.39.2)
      addressable
      matrix
      mini_mime (>= 0.1.3)
      nokogiri (~> 1.8)
      rack (>= 1.6.0)
      rack-test (>= 0.6.3)
      regexp_parser (>= 1.5, < 3.0)
      xpath (~> 3.2)
    concurrent-ruby (1.2.2)
    connection_pool (2.4.1)
    crack (0.4.5)
      rexml
    crass (1.0.6)
    cssbundling-rails (1.1.2)
      railties (>= 6.0.0)
    cuprite (0.14.3)
      capybara (~> 3.0)
      ferrum (~> 0.13.0)
    date (3.3.3)
    debug (1.8.0)
      irb (>= 1.5.0)
      reline (>= 0.3.1)
    docile (1.4.0)
    dotenv (2.8.1)
    dotenv-rails (2.8.1)
      dotenv (= 2.8.1)
      railties (>= 3.2)
    erb_lint (0.4.0)
      activesupport
      better_html (>= 2.0.1)
      parser (>= 2.7.1.4)
      rainbow
      rubocop
      smart_properties
    erubi (1.12.0)
    evil_systems (1.1.5)
      capybara
      zeitwerk (>= 2)
    factory_bot (6.2.1)
      activesupport (>= 5.0.0)
    factory_bot_rails (6.2.0)
      factory_bot (~> 6.2.0)
      railties (>= 5.0.0)
    faker (3.2.0)
      i18n (>= 1.8.11, < 2)
    ferrum (0.13)
      addressable (~> 2.5)
      concurrent-ruby (~> 1.1)
      webrick (~> 1.7)
      websocket-driver (>= 0.6, < 0.8)
    foreman (0.87.2)
    globalid (1.1.0)
      activesupport (>= 5.0)
    hashdiff (1.0.1)
    hiredis (0.6.3)
    hiredis-client (0.14.1)
      redis-client (= 0.14.1)
    i18n (1.14.1)
      concurrent-ruby (~> 1.0)
    io-console (0.6.0)
    irb (1.7.0)
      reline (>= 0.3.0)
    jbuilder (2.11.5)
      actionview (>= 5.0.0)
      activesupport (>= 5.0.0)
    jsbundling-rails (1.1.1)
      railties (>= 6.0.0)
    json (2.6.3)
    language_server-protocol (3.17.0.3)
    lint_roller (1.0.0)
    lograge (0.12.0)
      actionpack (>= 4)
      activesupport (>= 4)
      railties (>= 4)
      request_store (~> 1.0)
    loofah (2.21.3)
      crass (~> 1.0.2)
      nokogiri (>= 1.12.0)
    mail (2.8.1)
      mini_mime (>= 0.1.1)
      net-imap
      net-pop
      net-smtp
    marcel (1.0.2)
    matrix (0.4.2)
    method_source (1.0.0)
    mini_mime (1.1.2)
    minitest (5.18.0)
    minitest-ci (3.4.0)
      minitest (>= 5.0.6)
    mock_redis (0.36.0)
      ruby2_keywords
    msgpack (1.7.1)
    multi_json (1.15.0)
    net-imap (0.3.4)
      date
      net-protocol
    net-pop (0.1.2)
      net-protocol
    net-protocol (0.2.1)
      timeout
    net-smtp (0.3.3)
      net-protocol
    nio4r (2.5.9)
    nokogiri (1.15.2-arm64-darwin)
      racc (~> 1.4)
    nokogiri (1.15.2-x86_64-linux)
      racc (~> 1.4)
    parallel (1.23.0)
    parser (3.2.2.3)
      ast (~> 2.4.1)
      racc
    pg (1.5.3)
    public_suffix (5.0.1)
    puma (5.6.5)
      nio4r (~> 2.0)
    racc (1.7.0)
    rack (2.2.7)
    rack-test (2.1.0)
      rack (>= 1.3)
    rails (7.0.5)
      actioncable (= 7.0.5)
      actionmailbox (= 7.0.5)
      actionmailer (= 7.0.5)
      actionpack (= 7.0.5)
      actiontext (= 7.0.5)
      actionview (= 7.0.5)
      activejob (= 7.0.5)
      activemodel (= 7.0.5)
      activerecord (= 7.0.5)
      activestorage (= 7.0.5)
      activesupport (= 7.0.5)
      bundler (>= 1.15.0)
      railties (= 7.0.5)
    rails-dom-testing (2.0.3)
      activesupport (>= 4.2.0)
      nokogiri (>= 1.6)
    rails-html-sanitizer (1.6.0)
      loofah (~> 2.21)
      nokogiri (~> 1.14)
    railties (7.0.5)
      actionpack (= 7.0.5)
      activesupport (= 7.0.5)
      method_source
      rake (>= 12.2)
      thor (~> 1.0)
      zeitwerk (~> 2.5)
    rainbow (3.1.1)
    rake (13.0.6)
    redis (5.0.6)
      redis-client (>= 0.9.0)
    redis-client (0.14.1)
      connection_pool
    regexp_parser (2.8.1)
    reline (0.3.5)
      io-console (~> 0.5)
    request_store (1.5.1)
      rack (>= 1.4)
    rexml (3.2.5)
    rubocop (1.52.0)
      json (~> 2.3)
      parallel (~> 1.10)
      parser (>= 3.2.0.0)
      rainbow (>= 2.2.2, < 4.0)
      regexp_parser (>= 1.8, < 3.0)
      rexml (>= 3.2.5, < 4.0)
      rubocop-ast (>= 1.28.0, < 2.0)
      ruby-progressbar (~> 1.7)
      unicode-display_width (>= 2.4.0, < 3.0)
    rubocop-ast (1.29.0)
      parser (>= 3.2.1.0)
    rubocop-capybara (2.18.0)
      rubocop (~> 1.41)
    rubocop-minitest (0.31.0)
      rubocop (>= 1.39, < 2.0)
    rubocop-performance (1.18.0)
      rubocop (>= 1.7.0, < 2.0)
      rubocop-ast (>= 0.4.0)
    rubocop-rails (2.19.1)
      activesupport (>= 4.2.0)
      rack (>= 1.1)
      rubocop (>= 1.33.0, < 2.0)
    ruby-progressbar (1.13.0)
    ruby2_keywords (0.0.5)
    rubyzip (2.3.2)
    selenium-webdriver (4.10.0)
      rexml (~> 3.2, >= 3.2.5)
      rubyzip (>= 1.2.2, < 3.0)
      websocket (~> 1.0)
    simplecov (0.22.0)
      docile (~> 1.1)
      simplecov-html (~> 0.11)
      simplecov_json_formatter (~> 0.1)
    simplecov-cobertura (2.1.0)
      rexml
      simplecov (~> 0.19)
    simplecov-html (0.12.3)
    simplecov-json (0.2.3)
      json
      simplecov
    simplecov_json_formatter (0.1.4)
    smart_properties (1.17.0)
    sprockets (4.2.0)
      concurrent-ruby (~> 1.0)
      rack (>= 2.2.4, < 4)
    sprockets-rails (3.4.2)
      actionpack (>= 5.2)
      activesupport (>= 5.2)
      sprockets (>= 3.0.0)
    standard (1.29.0)
      language_server-protocol (~> 3.17.0.2)
      lint_roller (~> 1.0)
      rubocop (~> 1.52.0)
      standard-custom (~> 1.0.0)
      standard-performance (~> 1.1.0)
    standard-custom (1.0.1)
      lint_roller (~> 1.0)
    standard-performance (1.1.0)
      lint_roller (~> 1.0)
      rubocop-performance (~> 1.18.0)
    stimulus-rails (1.2.1)
      railties (>= 6.0.0)
    tailwindcss-rails (2.0.29-arm64-darwin)
      railties (>= 6.0.0)
    tailwindcss-rails (2.0.29-x86_64-linux)
      railties (>= 6.0.0)
    thor (1.2.2)
    timeout (0.3.2)
    turbo-rails (1.4.0)
      actionpack (>= 6.0.0)
      activejob (>= 6.0.0)
      railties (>= 6.0.0)
    tzinfo (2.0.6)
      concurrent-ruby (~> 1.0)
    unicode-display_width (2.4.2)
    web-console (4.2.0)
      actionview (>= 6.0.0)
      activemodel (>= 6.0.0)
      bindex (>= 0.4.0)
      railties (>= 6.0.0)
    webdrivers (5.2.0)
      nokogiri (~> 1.6)
      rubyzip (>= 1.3.0)
      selenium-webdriver (~> 4.0)
    webmock (3.18.1)
      addressable (>= 2.8.0)
      crack (>= 0.3.2)
      hashdiff (>= 0.4.0, < 2.0.0)
    webrick (1.8.1)
    websocket (1.2.9)
    websocket-driver (0.7.5)
      websocket-extensions (>= 0.1.0)
    websocket-extensions (0.1.5)
    xpath (3.2.0)
      nokogiri (~> 1.8)
    zeitwerk (2.6.8)

PLATFORMS
  arm64-darwin-22
  x86_64-linux

DEPENDENCIES
  activerecord-session_store (~> 2.0)
  annotaterb
  bootsnap
  brakeman
  bundler-audit
  capybara
  cssbundling-rails
  cuprite
  debug
  dotenv-rails
  erb_lint
  evil_systems
  factory_bot_rails
  faker
  foreman
  hiredis (~> 0.6.3)
  hiredis-client (~> 0.14.0)
  jbuilder
  jsbundling-rails
  lograge
  minitest-ci
  mock_redis
  pg (~> 1.1)
  puma (~> 5.0)
  rails (~> 7.0.5)
  redis (~> 5.0)
  rubocop-capybara
  rubocop-minitest
  rubocop-performance
  rubocop-rails
  simplecov
  simplecov-cobertura
  simplecov-json
  sprockets-rails
  standard
  stimulus-rails
  tailwindcss-rails (~> 2.0)
  turbo-rails
  tzinfo-data
  web-console
  webdrivers
  webmock

RUBY VERSION
   ruby 3.2.2p53

BUNDLED WITH
   2.4.13
